PATH
  remote: .
  specs:
    watir-load-tester (0.0.2)
      watir-webdriver

GEM
  remote: https://rubygems.org/
  specs:
    childprocess (0.5.7)
      ffi (~> 1.0, >= 1.0.11)
    ffi (1.9.10)
    rubyzip (1.1.7)
    selenium-webdriver (2.53.0)
      childprocess (~> 0.5)
      rubyzip (~> 1.0)
      websocket (~> 1.0)
    watir-webdriver (0.9.1)
      selenium-webdriver (>= 2.46.2)
    websocket (1.2.2)

PLATFORMS
  ruby

DEPENDENCIES
  watir-load-tester!
  watir-webdriver (= 0.9.1)

BUNDLED WITH
   1.11.2
